GEM
  remote: http://rubygems.org/
  specs:
    activemodel (4.2.5)
      activesupport (= 4.2.5)
      builder (~> 3.1)
    activerecord (4.2.5)
      activemodel (= 4.2.5)
      activesupport (= 4.2.5)
      arel (~> 6.0)
    activesupport (4.2.5)
      i18n (~> 0.7)
      json (~> 1.7, >= 1.7.7)
      minitest (~> 5.1)
      thread_safe (~> 0.3, >= 0.3.4)
      tzinfo (~> 1.1)
    arel (6.0.3)
    builder (3.2.2)
<<<<<<< HEAD
    i18n (0.7.0)
    json (1.8.3)
=======
    ffi (1.9.10)
    i18n (0.7.0)
    json (1.8.3)
    listen (3.0.3)
      rb-fsevent (>= 0.9.3)
      rb-inotify (>= 0.9)
>>>>>>> 01a15a743f9b085becc6b329adf189cd73d8dcff
    minitest (5.8.3)
    rack (1.6.4)
    rack-protection (1.5.3)
      rack
    rake (10.4.2)
<<<<<<< HEAD
=======
    rb-fsevent (0.9.6)
    rb-inotify (0.9.5)
      ffi (>= 0.5.0)
    rerun (0.11.0)
      listen (~> 3.0)
>>>>>>> 01a15a743f9b085becc6b329adf189cd73d8dcff
    sinatra (1.4.6)
      rack (~> 1.4)
      rack-protection (~> 1.4)
      tilt (>= 1.3, < 3)
    sinatra-activerecord (2.0.9)
      activerecord (>= 3.2)
      sinatra (~> 1.0)
    sqlite3 (1.3.11)
    thread_safe (0.3.5)
<<<<<<< HEAD
    tilt (2.0.1)
=======
    tilt (2.0.2)
>>>>>>> 01a15a743f9b085becc6b329adf189cd73d8dcff
    tzinfo (1.2.2)
      thread_safe (~> 0.1)

PLATFORMS
  ruby

DEPENDENCIES
  activerecord
  rake
<<<<<<< HEAD
=======
  rerun
>>>>>>> 01a15a743f9b085becc6b329adf189cd73d8dcff
  sinatra-activerecord
  sqlite3

BUNDLED WITH
   1.10.6
